{
	"Modality": "MR",
	"MagneticFieldStrength": 3,
	"Manufacturer": "Siemens",
	"ManufacturersModelName": "Skyra",
	"InstitutionName": "Lewis_Building",
	"InstitutionalDepartmentName": "Department",
	"InstitutionAddress": "Franklin_Blvd_1440_Eugene_District_US_97403",
	"DeviceSerialNumber": "45348",
	"StationName": "AWP45348",
	"BodyPartExamined": "BRAIN",
	"PatientPosition": "HFS",
	"ProcedureStepDescription": "kuhl_lab_Kuhl_NEUDIF",
	"SoftwareVersions": "syngo_MR_E11",
	"MRAcquisitionType": "2D",
	"SeriesDescription": "se_epi_1.7mm_ap",
	"ProtocolName": "se_epi_1.7mm_ap",
	"ScanningSequence": "EP",
	"SequenceVariant": "SK",
	"ScanOptions": "FS",
	"SequenceName": "epse2d1_124",
	"ImageType": ["ORIGINAL", "PRIMARY", "M", "ND", "MOSAIC"],
	"SeriesNumber": 10,
	"AcquisitionTime": "15:20:17.392500",
	"AcquisitionNumber": 1,
	"SliceThickness": 1.7,
	"SpacingBetweenSlices": 1.7,
	"SAR": 0.231253,
	"EchoTime": 0.0526,
	"RepetitionTime": 7.22,
	"FlipAngle": 90,
	"PartialFourier": 1,
	"BaseResolution": 124,
	"ShimSetting": [
		-5018,
		7610,
		9064,
		626,
		-36,
		128,
		-318,
		-253	],
	"TxRefAmp": 332.246,
	"PhaseResolution": 1,
	"ReceiveCoilName": "Head_32",
	"ReceiveCoilActiveElements": "HEA;HEP",
	"PulseSequenceDetails": "%CustomerSeq%_cmrr_mbep2d_se",
	"ConsistencyInfo": "N4_VE11C_LATEST_20160120",
	"PercentPhaseFOV": 100,
	"EchoTrainLength": 61,
	"PhaseEncodingSteps": 123,
	"AcquisitionMatrixPE": 124,
	"ReconMatrixPE": 124,
	"BandwidthPerPixelPhaseEncode": 20.947,
	"ParallelReductionFactorInPlane": 2,
	"EffectiveEchoSpacing": 0.000384996,
	"DerivedVendorReportedEchoSpacing": 0.000769992,
	"TotalReadoutTime": 0.0473545,
	"PixelBandwidth": 1550,
	"DwellTime": 2.6e-06,
	"PhaseEncodingDirection": "j-",
	"SliceTiming": [
		0,
		3.6475,
		0.095,
		3.7425,
		0.1925,
		3.84,
		0.2875,
		3.935,
		0.385,
		4.0325,
		0.48,
		4.1275,
		0.575,
		4.2225,
		0.6725,
		4.32,
		0.7675,
		4.415,
		0.865,
		4.5125,
		0.96,
		4.6075,
		1.055,
		4.7025,
		1.1525,
		4.8,
		1.2475,
		4.895,
		1.3425,
		4.9925,
		1.44,
		5.0875,
		1.535,
		5.1825,
		1.6325,
		5.28,
		1.7275,
		5.375,
		1.8225,
		5.4725,
		1.92,
		5.5675,
		2.015,
		5.6625,
		2.1125,
		5.76,
		2.2075,
		5.855,
		2.3025,
		5.9525,
		2.4,
		6.0475,
		2.495,
		6.1425,
		2.5925,
		6.24,
		2.6875,
		6.335,
		2.7825,
		6.43,
		2.88,
		6.5275,
		2.975,
		6.6225,
		3.0725,
		6.72,
		3.1675,
		6.815,
		3.2625,
		6.91,
		3.36,
		7.0075,
		3.455,
		7.1025,
		3.5525	],
	"ImageOrientationPatientDICOM": [
		0.999162,
		-0.0142702,
		0.0383499,
		-0.000871943,
		0.92958,
		0.36862	],
	"InPlanePhaseEncodingDirectionDICOM": "COL",
	"ConversionSoftware": "dcm2niix",
	"ConversionSoftwareVersion": "v1.0.20171215 GCC5.3.1",
	"IntendedFor":["func/sub-20_task-obj_run-02_bold.nii.gz",
                       "func/sub-20_task-obj_run-08_bold.nii.gz",
                       "func/sub-20_task-scene_run-01_bold.nii.gz",
                       "func/sub-20_task-scene_run-03_bold.nii.gz",
                       "func/sub-20_task-scene_run-04_bold.nii.gz",
                       "func/sub-20_task-scene_run-05_bold.nii.gz",
                       "func/sub-20_task-scene_run-06_bold.nii.gz",
                       "func/sub-20_task-scene_run-07_bold.nii.gz"]
}
