{
	"Modality": "MR",
	"MagneticFieldStrength": 3,
	"Manufacturer": "Siemens",
	"ManufacturersModelName": "Skyra",
	"InstitutionName": "Lewis_Building",
	"InstitutionalDepartmentName": "Department",
	"InstitutionAddress": "Franklin_Blvd_1440_Eugene_District_US_97403",
	"DeviceSerialNumber": "45348",
	"StationName": "AWP45348",
	"BodyPartExamined": "BRAIN",
	"PatientPosition": "HFS",
	"ProcedureStepDescription": "kuhl_lab_Kuhl_NEUDIF",
	"SoftwareVersions": "syngo_MR_E11",
	"MRAcquisitionType": "2D",
	"SeriesDescription": "EPI_3",
	"ProtocolName": "EPI_3",
	"ScanningSequence": "EP",
	"SequenceVariant": "SK_SS",
	"ScanOptions": "FS",
	"SequenceName": "epfid2d1_124",
	"ImageType": ["ORIGINAL", "PRIMARY", "M", "MB", "ND", "NORM", "MOSAIC"],
	"SeriesNumber": 9,
	"AcquisitionTime": "12:52:13.145000",
	"AcquisitionNumber": 1,
	"ImageComments": "Unaliased_MB3_PE4",
	"SliceThickness": 1.7,
	"SpacingBetweenSlices": 1.7,
	"SAR": 0.0900505,
	"EchoTime": 0.036,
	"RepetitionTime": 2,
	"FlipAngle": 90,
	"PartialFourier": 1,
	"BaseResolution": 124,
	"ShimSetting": [
		-4954,
		7691,
		9033,
		207,
		61,
		364,
		152,
		-378	],
	"TxRefAmp": 346.801,
	"PhaseResolution": 1,
	"ReceiveCoilName": "Head_32",
	"ReceiveCoilActiveElements": "HEA;HEP",
	"PulseSequenceDetails": "%CustomerSeq%_cmrr_mbep2d_bold",
	"ConsistencyInfo": "N4_VE11C_LATEST_20160120",
	"MultibandAccelerationFactor": 3,
	"PercentPhaseFOV": 100,
	"EchoTrainLength": 61,
	"PhaseEncodingSteps": 123,
	"AcquisitionMatrixPE": 124,
	"ReconMatrixPE": 124,
	"BandwidthPerPixelPhaseEncode": 21.222,
	"ParallelReductionFactorInPlane": 2,
	"EffectiveEchoSpacing": 0.000380007,
	"DerivedVendorReportedEchoSpacing": 0.000760015,
	"TotalReadoutTime": 0.0467409,
	"PixelBandwidth": 1550,
	"DwellTime": 2.6e-06,
	"PhaseEncodingDirection": "j-",
	"SliceTiming": [
		0,
		0.9075,
		1.815,
		0.7425,
		1.65,
		0.5775,
		1.485,
		0.4125,
		1.32,
		0.2475,
		1.155,
		0.0825,
		0.99,
		1.8975,
		0.825,
		1.7325,
		0.66,
		1.5675,
		0.495,
		1.4025,
		0.33,
		1.2375,
		0.165,
		1.0725,
		0,
		0.9075,
		1.815,
		0.7425,
		1.65,
		0.5775,
		1.485,
		0.4125,
		1.32,
		0.2475,
		1.155,
		0.0825,
		0.99,
		1.8975,
		0.825,
		1.7325,
		0.66,
		1.5675,
		0.495,
		1.4025,
		0.33,
		1.2375,
		0.165,
		1.0725,
		0,
		0.9075,
		1.815,
		0.7425,
		1.65,
		0.5775,
		1.485,
		0.4125,
		1.32,
		0.2475,
		1.155,
		0.0825,
		0.99,
		1.8975,
		0.825,
		1.7325,
		0.66,
		1.5675,
		0.495,
		1.4025,
		0.33,
		1.2375,
		0.165,
		1.0725	],
	"ImageOrientationPatientDICOM": [
		0.999468,
		-0.00698774,
		0.0318552,
		-0.000523346,
		0.973213,
		0.229903	],
	"InPlanePhaseEncodingDirectionDICOM": "COL",
	"ConversionSoftware": "dcm2niix",
	"ConversionSoftwareVersion": "v1.0.20171215 GCC5.3.1"
}
