{
	"Modality": "MR",
	"MagneticFieldStrength": 3,
	"Manufacturer": "Siemens",
	"ManufacturersModelName": "Skyra",
	"InstitutionName": "Lewis_Building",
	"InstitutionalDepartmentName": "Department",
	"InstitutionAddress": "Franklin_Blvd_1440_Eugene_District_US_97403",
	"DeviceSerialNumber": "45348",
	"StationName": "AWP45348",
	"BodyPartExamined": "BRAIN",
	"PatientPosition": "HFS",
	"ProcedureStepDescription": "kuhl_lab_Kuhl_NEUDIF",
	"SoftwareVersions": "syngo_MR_E11",
	"MRAcquisitionType": "2D",
	"SeriesDescription": "se_epi_1.7mm_pa",
	"ProtocolName": "se_epi_1.7mm_pa",
	"ScanningSequence": "EP",
	"SequenceVariant": "SK",
	"ScanOptions": "FS",
	"SequenceName": "epse2d1_124",
	"ImageType": ["ORIGINAL", "PRIMARY", "M", "ND", "MOSAIC"],
	"SeriesNumber": 11,
	"AcquisitionTime": "10:19:42.257500",
	"AcquisitionNumber": 1,
	"SliceThickness": 1.7,
	"SpacingBetweenSlices": 1.7,
	"SAR": 0.220936,
	"EchoTime": 0.0526,
	"RepetitionTime": 7.22,
	"FlipAngle": 90,
	"PartialFourier": 1,
	"BaseResolution": 124,
	"ShimSetting": [
		-4985,
		7715,
		9042,
		486,
		159,
		390,
		-404,
		-466	],
	"TxRefAmp": 326.531,
	"PhaseResolution": 1,
	"ReceiveCoilName": "Head_32",
	"ReceiveCoilActiveElements": "HEA;HEP",
	"PulseSequenceDetails": "%CustomerSeq%_cmrr_mbep2d_se",
	"ConsistencyInfo": "N4_VE11C_LATEST_20160120",
	"PercentPhaseFOV": 100,
	"EchoTrainLength": 61,
	"PhaseEncodingSteps": 123,
	"AcquisitionMatrixPE": 124,
	"ReconMatrixPE": 124,
	"BandwidthPerPixelPhaseEncode": 20.947,
	"ParallelReductionFactorInPlane": 2,
	"EffectiveEchoSpacing": 0.000384996,
	"DerivedVendorReportedEchoSpacing": 0.000769992,
	"TotalReadoutTime": 0.0473545,
	"PixelBandwidth": 1550,
	"DwellTime": 2.6e-06,
	"PhaseEncodingDirection": "j",
	"SliceTiming": [
		0,
		3.6475,
		0.095,
		3.7425,
		0.19,
		3.8375,
		0.2875,
		3.935,
		0.3825,
		4.03,
		0.48,
		4.1275,
		0.575,
		4.2225,
		0.67,
		4.3175,
		0.7675,
		4.415,
		0.8625,
		4.51,
		0.96,
		4.6075,
		1.055,
		4.7025,
		1.15,
		4.7975,
		1.2475,
		4.895,
		1.3425,
		4.99,
		1.44,
		5.0875,
		1.535,
		5.1825,
		1.63,
		5.2775,
		1.7275,
		5.375,
		1.8225,
		5.47,
		1.92,
		5.5675,
		2.015,
		5.6625,
		2.11,
		5.7575,
		2.2075,
		5.855,
		2.3025,
		5.95,
		2.4,
		6.0475,
		2.495,
		6.1425,
		2.59,
		6.2375,
		2.6875,
		6.335,
		2.7825,
		6.43,
		2.8775,
		6.5275,
		2.975,
		6.6225,
		3.07,
		6.7175,
		3.1675,
		6.815,
		3.2625,
		6.91,
		3.3575,
		7.0075,
		3.455,
		7.1025,
		3.55	],
	"ImageOrientationPatientDICOM": [
		0.999943,
		-0.00120384,
		0.0106329,
		-0.00157076,
		0.966376,
		0.25713	],
	"InPlanePhaseEncodingDirectionDICOM": "COL",
	"ConversionSoftware": "dcm2niix",
	"ConversionSoftwareVersion": "v1.0.20171215 GCC5.3.1",
        "IntendedFor":["func/sub-03_task-obj_run-02_bold.nii.gz",
                       "func/sub-03_task-obj_run-08_bold.nii.gz",
                       "func/sub-03_task-scene_run-01_bold.nii.gz",
                       "func/sub-03_task-scene_run-03_bold.nii.gz",
                       "func/sub-03_task-scene_run-04_bold.nii.gz",
                       "func/sub-03_task-scene_run-05_bold.nii.gz",
                       "func/sub-03_task-scene_run-06_bold.nii.gz",
                       "func/sub-03_task-scene_run-07_bold.nii.gz"]
}
