{
	"Modality": "MR",
	"MagneticFieldStrength": 3,
	"Manufacturer": "Siemens",
	"ManufacturersModelName": "Skyra",
	"InstitutionName": "University_of_Oregon",
	"InstitutionalDepartmentName": "Department",
	"InstitutionAddress": "Franklin_Blvd_1440_Eugene_District_US_97403",
	"DeviceSerialNumber": "45348",
	"StationName": "AWP45348",
	"BodyPartExamined": "BRAIN",
	"PatientPosition": "HFS",
	"ProcedureStepDescription": "kuhl_lab_Kuhl_NEUDIF",
	"SoftwareVersions": "syngo_MR_E11",
	"MRAcquisitionType": "2D",
	"SeriesDescription": "se_epi_1.7mm_pa",
	"ProtocolName": "se_epi_1.7mm_pa",
	"ScanningSequence": "EP",
	"SequenceVariant": "SK",
	"ScanOptions": "FS",
	"SequenceName": "epse2d1_124",
	"ImageType": ["ORIGINAL", "PRIMARY", "M", "ND", "MOSAIC"],
	"SeriesNumber": 12,
	"AcquisitionTime": "16:55:52.250000",
	"AcquisitionNumber": 1,
	"SliceThickness": 1.7,
	"SpacingBetweenSlices": 1.7,
	"SAR": 0.225231,
	"EchoTime": 0.0526,
	"RepetitionTime": 7.22,
	"FlipAngle": 90,
	"PartialFourier": 1,
	"BaseResolution": 124,
	"ShimSetting": [
		-5046,
		7638,
		8987,
		258,
		248,
		-344,
		-88,
		-361	],
	"TxRefAmp": 357.054,
	"PhaseResolution": 1,
	"ReceiveCoilName": "Head_32",
	"ReceiveCoilActiveElements": "HEA;HEP",
	"PulseSequenceDetails": "%CustomerSeq%_cmrr_mbep2d_se",
	"ConsistencyInfo": "N4_VE11C_LATEST_20160120",
	"PercentPhaseFOV": 100,
	"EchoTrainLength": 61,
	"PhaseEncodingSteps": 123,
	"AcquisitionMatrixPE": 124,
	"ReconMatrixPE": 124,
	"BandwidthPerPixelPhaseEncode": 20.947,
	"ParallelReductionFactorInPlane": 2,
	"EffectiveEchoSpacing": 0.000384996,
	"DerivedVendorReportedEchoSpacing": 0.000769992,
	"TotalReadoutTime": 0.0473545,
	"PixelBandwidth": 1550,
	"DwellTime": 2.6e-06,
	"PhaseEncodingDirection": "j",
	"SliceTiming": [
		0,
		3.65,
		0.0975,
		3.745,
		0.1925,
		3.84,
		0.29,
		3.9375,
		0.385,
		4.0325,
		0.48,
		4.13,
		0.5775,
		4.225,
		0.6725,
		4.32,
		0.77,
		4.4175,
		0.865,
		4.5125,
		0.96,
		4.61,
		1.0575,
		4.705,
		1.1525,
		4.8,
		1.25,
		4.8975,
		1.345,
		4.9925,
		1.44,
		5.0875,
		1.5375,
		5.185,
		1.6325,
		5.28,
		1.73,
		5.3775,
		1.825,
		5.4725,
		1.92,
		5.5675,
		2.0175,
		5.665,
		2.1125,
		5.76,
		2.21,
		5.8575,
		2.305,
		5.9525,
		2.4,
		6.0475,
		2.4975,
		6.145,
		2.5925,
		6.24,
		2.69,
		6.3375,
		2.785,
		6.4325,
		2.88,
		6.5275,
		2.9775,
		6.625,
		3.0725,
		6.72,
		3.17,
		6.8175,
		3.265,
		6.9125,
		3.36,
		7.0075,
		3.4575,
		7.105,
		3.5525	],
	"ImageOrientationPatientDICOM": [
		0.998192,
		-0.00402976,
		-0.0599699,
		0.0135898,
		0.987044,
		0.159875	],
	"InPlanePhaseEncodingDirectionDICOM": "COL",
	"ConversionSoftware": "dcm2niix",
	"ConversionSoftwareVersion": "v1.0.20171215 GCC5.3.1",
        "IntendedFor":["func/sub-17_task-obj_run-02_bold.nii.gz",
                       "func/sub-17_task-obj_run-08_bold.nii.gz",
                       "func/sub-17_task-scene_run-01_bold.nii.gz",
                       "func/sub-17_task-scene_run-03_bold.nii.gz",
                       "func/sub-17_task-scene_run-04_bold.nii.gz",
                       "func/sub-17_task-scene_run-05_bold.nii.gz",
                       "func/sub-17_task-scene_run-06_bold.nii.gz",
                       "func/sub-17_task-scene_run-07_bold.nii.gz"]
}
